GEM
  remote: https://rubygems.org/
  specs:
    activesupport (4.2.10)
      i18n (~> 0.7)
      minitest (~> 5.1)
      thread_safe (~> 0.3, >= 0.3.4)
      tzinfo (~> 1.1)
    concurrent-ruby (1.0.5)
    faraday (0.9.2)
      multipart-post (>= 1.2, < 3)
    faraday_middleware (0.12.2)
      faraday (>= 0.7.4, < 1.0)
    hashie (3.5.7)
    i18n (0.9.3)
      concurrent-ruby (~> 1.0)
    json (1.8.6)
    logger (1.2.8)
    mini_portile2 (2.3.0)
    minitest (5.11.3)
    multi_xml (0.6.0)
    multipart-post (2.0.0)
    mysql2 (0.4.10)
    nokogiri (1.8.2)
      mini_portile2 (~> 2.3.0)
    restforce (2.1.3)
      faraday (~> 0.9.0)
      faraday_middleware (>= 0.8.8)
      hashie (>= 1.2.0, < 4.0)
      json (>= 1.7.5, < 1.9.0)
    restforce-bulk (0.1.0)
      activesupport (~> 4.2.4)
      multi_xml
      nokogiri
      restforce (~> 2.1.2)
      rubyzip (~> 1.1.7)
    rubyzip (1.1.7)
    salesforce_bulk_api (0.0.12)
      json
      xml-simple
    stringex (2.8.2)
    thread_safe (0.3.6)
    tzinfo (1.2.5)
      thread_safe (~> 0.1)
    xml-simple (1.1.5)

PLATFORMS
  ruby

DEPENDENCIES
  logger
  mysql2
  restforce
  restforce-bulk
  salesforce_bulk_api
  stringex

BUNDLED WITH
   1.16.1
